GEM
  remote: https://rubygems.vpsfree.cz/
  specs:
    coderay (1.1.3)
    gli (2.20.1)
    method_source (1.0.0)
    pry (0.13.1)
      coderay (~> 1.1)
      method_source (~> 1.0)
    test-runner (21.05.0.build20211115110014)
      gli (~> 2.20.0)
      pry (~> 0.13.1)

PLATFORMS
  ruby

DEPENDENCIES
  test-runner (= 21.05.0.build20211115110014)

BUNDLED WITH
   2.1.4
