GEM
  remote: https://rubygems.vpsfree.cz/
  specs:
    gli (2.20.1)
    libosctl (21.05.0.build20211115110014)
      rainbow (~> 3.0.0)
      require_all (~> 2.0.0)
    rainbow (3.0.0)
    require_all (2.0.0)
    svctl (21.05.0.build20211115110014)
      gli (~> 2.20.0)
      libosctl (= 21.05.0.build20211115110014)

PLATFORMS
  ruby

DEPENDENCIES
  svctl (= 21.05.0.build20211115110014)

BUNDLED WITH
   2.1.4
