GEM
  remote: https://rubygems.vpsfree.cz/
  specs:
    curses (1.4.2)
    daemons (1.4.1)
    eventmachine (1.2.7)
    gli (2.20.1)
    highline (2.0.3)
    ipaddress (0.8.3)
    json (2.6.1)
    libosctl (21.05.0.build20211115110014)
      rainbow (~> 3.0.0)
      require_all (~> 2.0.0)
    osctl (21.05.0.build20211115110014)
      curses
      gli (~> 2.20.0)
      highline (~> 2.0.3)
      ipaddress (~> 0.8.3)
      json
      libosctl (= 21.05.0.build20211115110014)
      rainbow (~> 3.0.0)
      require_all (~> 2.0.0)
      ruby-progressbar (~> 1.11.0)
    osctl-exporter (21.05.0.build20211115110014)
      json
      libosctl (= 21.05.0.build20211115110014)
      osctl (= 21.05.0.build20211115110014)
      prometheus-client (~> 2.1.0)
      require_all (~> 2.0.0)
      thin (~> 1.8.1)
    prometheus-client (2.1.0)
    rack (2.2.3)
    rainbow (3.0.0)
    require_all (2.0.0)
    ruby-progressbar (1.11.0)
    thin (1.8.1)
      daemons (~> 1.0, >= 1.0.9)
      eventmachine (~> 1.0, >= 1.0.4)
      rack (>= 1, < 3)

PLATFORMS
  ruby

DEPENDENCIES
  osctl-exporter (= 21.05.0.build20211115110014)

BUNDLED WITH
   2.1.4
