GEM
  remote: https://rubygems.vpsfree.cz/
  specs:
    curses (1.4.0)
    filelock (1.1.1)
    gli (2.17.2)
    highline (1.7.10)
    ipaddress (0.8.3)
    json (2.5.1)
    libosctl (20.09.0.build20210214152155)
      rainbow (~> 3.0.0)
      require_all (~> 2.0.0)
    osctl (20.09.0.build20210214152155)
      curses
      gli (~> 2.17.1)
      highline (~> 1.7.10)
      ipaddress (~> 0.8.3)
      json
      libosctl (= 20.09.0.build20210214152155)
      rainbow (~> 3.0.0)
      require_all (~> 2.0.0)
      ruby-progressbar (~> 1.9.0)
    osctl-image (20.09.0.build20210214152155)
      gli (~> 2.17.1)
      json
      libosctl (= 20.09.0.build20210214152155)
      osctl (= 20.09.0.build20210214152155)
      osctl-repo (= 20.09.0.build20210214152155)
      require_all (~> 2.0.0)
    osctl-repo (20.09.0.build20210214152155)
      filelock
      gli (~> 2.17.1)
      json
      libosctl (= 20.09.0.build20210214152155)
      require_all (~> 2.0.0)
    rainbow (3.0.0)
    require_all (2.0.0)
    ruby-progressbar (1.9.0)

PLATFORMS
  ruby

DEPENDENCIES
  osctl-image (= 20.09.0.build20210214152155)

BUNDLED WITH
   2.1.4
