GEM
  remote: https://rubygems.vpsfree.cz/
  specs:
    gli (2.20.1)
    json (2.6.1)
    libosctl (21.05.0.build20211109163352)
      rainbow (~> 3.0.0)
      require_all (~> 2.0.0)
    osup (21.05.0.build20211109163352)
      gli (~> 2.20.0)
      json
      libosctl (= 21.05.0.build20211109163352)
      require_all (~> 2.0.0)
    rainbow (3.0.0)
    require_all (2.0.0)

PLATFORMS
  ruby

DEPENDENCIES
  osup (= 21.05.0.build20211109163352)

BUNDLED WITH
   2.1.4
